GEM
  remote: https://rubygems.org/
  specs:
    addressable (2.5.2)
      public_suffix (>= 2.0.2, < 4.0)
    ast (2.4.0)
    coderay (1.1.2)
    domain_name (0.5.20180417)
      unf (>= 0.0.5, < 1.0.0)
    econfig (2.1.0)
    ffi (1.9.25)
    ffi (1.9.25-x64-mingw32)
    hirb (0.7.3)
    http (4.0.0)
      addressable (~> 2.3)
      http-cookie (~> 1.0)
      http-form_data (~> 2.0)
      http_parser.rb (~> 0.6.0)
    http-cookie (1.0.3)
      domain_name (~> 0.5)
    http-form_data (2.1.1)
    http_headers (0.0.2.3)
    http_parser.rb (0.6.0)
    jaro_winkler (1.5.1)
    json (2.1.0)
    jsonpath (0.9.6)
      multi_json
      to_regexp (~> 0.2.1)
    listen (3.1.5)
      rb-fsevent (~> 0.9, >= 0.9.4)
      rb-inotify (~> 0.9, >= 0.9.7)
      ruby_dep (~> 1.2)
    method_source (0.9.2)
    minitest (5.11.3)
    minitest-rg (5.2.0)
      minitest (~> 5.0)
    multi_json (1.13.1)
    parallel (1.12.1)
    parser (2.5.1.0)
      ast (~> 2.4.0)
    pg (1.1.3)
    pg (1.1.3-x64-mingw32)
    powerpack (0.1.2)
    pry (0.12.2)
      coderay (~> 1.1.0)
      method_source (~> 0.9.0)
    public_suffix (3.0.3)
    puma (3.12.0)
    rack (2.0.6)
    rack-test (1.1.0)
      rack (>= 1.0, < 3)
    rainbow (3.0.0)
    rake (12.3.1)
    rb-fsevent (0.10.3)
    rb-inotify (0.9.10)
      ffi (>= 0.5.0, < 2)
    rbnacl (6.0.0)
      ffi
    rbnacl-libsodium (1.0.16)
      rbnacl (>= 3.0.1)
    rerun (0.13.0)
      listen (~> 3.0)
    roda (3.14.0)
      rack
    rubocop (0.60.0)
      jaro_winkler (~> 1.5.1)
      parallel (~> 1.10)
      parser (>= 2.5, != 2.5.1.1)
      powerpack (~> 0.1)
      rainbow (>= 2.2.2, < 4.0)
      ruby-progressbar (~> 1.7)
      unicode-display_width (~> 1.4.0)
    ruby-progressbar (1.10.0)
    ruby_dep (1.5.0)
    sequel (4.49.0)
    sequel-seed (1.1.1)
      sequel (~> 4.0)
    sqlite3 (1.3.13)
    sqlite3 (1.3.13-x64-mingw32)
    to_regexp (0.2.1)
    unf (0.1.4)
      unf_ext
    unf_ext (0.0.7.5)
    unf_ext (0.0.7.5-x64-mingw32)
    unicode-display_width (1.4.0)

PLATFORMS
  ruby
  x64-mingw32

DEPENDENCIES
  econfig
  hirb
  http
  http_headers
  json
  jsonpath
  minitest
  minitest-rg
  parser (= 2.5.1)
  pg
  pry
  puma
  rack-test
  rake
  rbnacl
  rbnacl-libsodium
  rerun
  roda
  rubocop
  sequel
  sequel-seed
  sqlite3

RUBY VERSION
   ruby 2.5.1p57

BUNDLED WITH
   1.17.1
